GEM
  remote: https://rubygems.org/
  specs:
    accept_values_for (0.9.3)
      activemodel (>= 6.1, < 8.0)
      rspec (>= 3.10, < 4.0)
    actioncable (7.1.3.2)
      actionpack (= 7.1.3.2)
      activesupport (= 7.1.3.2)
      nio4r (~> 2.0)
      websocket-driver (>= 0.6.1)
      zeitwerk (~> 2.6)
    actionmailbox (7.1.3.2)
      actionpack (= 7.1.3.2)
      activejob (= 7.1.3.2)
      activerecord (= 7.1.3.2)
      activestorage (= 7.1.3.2)
      activesupport (= 7.1.3.2)
      mail (>= 2.7.1)
      net-imap
      net-pop
      net-smtp
    actionmailer (7.1.3.2)
      actionpack (= 7.1.3.2)
      actionview (= 7.1.3.2)
      activejob (= 7.1.3.2)
      activesupport (= 7.1.3.2)
      mail (~> 2.5, >= 2.5.4)
      net-imap
      net-pop
      net-smtp
      rails-dom-testing (~> 2.2)
    actionpack (7.1.3.2)
      actionview (= 7.1.3.2)
      activesupport (= 7.1.3.2)
      nokogiri (>= 1.8.5)
      racc
      rack (>= 2.2.4)
      rack-session (>= 1.0.1)
      rack-test (>= 0.6.3)
      rails-dom-testing (~> 2.2)
      rails-html-sanitizer (~> 1.6)
    actiontext (7.1.3.2)
      actionpack (= 7.1.3.2)
      activerecord (= 7.1.3.2)
      activestorage (= 7.1.3.2)
      activesupport (= 7.1.3.2)
      globalid (>= 0.6.0)
      nokogiri (>= 1.8.5)
    actionview (7.1.3.2)
      activesupport (= 7.1.3.2)
      builder (~> 3.1)
      erubi (~> 1.11)
      rails-dom-testing (~> 2.2)
      rails-html-sanitizer (~> 1.6)
    activejob (7.1.3.2)
      activesupport (= 7.1.3.2)
      globalid (>= 0.3.6)
    activemodel (7.1.3.2)
      activesupport (= 7.1.3.2)
    activerecord (7.1.3.2)
      activemodel (= 7.1.3.2)
      activesupport (= 7.1.3.2)
      timeout (>= 0.4.0)
    activestorage (7.1.3.2)
      actionpack (= 7.1.3.2)
      activejob (= 7.1.3.2)
      activerecord (= 7.1.3.2)
      activesupport (= 7.1.3.2)
      marcel (~> 1.0)
    activesupport (7.1.3.2)
      base64
      bigdecimal
      concurrent-ruby (~> 1.0, >= 1.0.2)
      connection_pool (>= 2.2.5)
      drb
      i18n (>= 1.6, < 2)
      minitest (>= 5.1)
      mutex_m
      tzinfo (~> 2.0)
    addressable (2.8.6)
      public_suffix (>= 2.0.2, < 6.0)
    airbrussh (1.5.2)
      sshkit (>= 1.6.1, != 1.7.0)
    annotate (3.2.0)
      activerecord (>= 3.2, < 8.0)
      rake (>= 10.4, < 14.0)
    asciidoctor (2.0.23)
    ast (2.4.2)
    attribute_normalizer (1.2.0)
    awesome_print (1.9.2)
    base64 (0.2.0)
    bcrypt (3.1.20)
    bcrypt_pbkdf (1.1.1)
    bcrypt_pbkdf (1.1.1-arm64-darwin)
    bcrypt_pbkdf (1.1.1-x86_64-darwin)
    better_errors (2.10.1)
      erubi (>= 1.0.0)
      rack (>= 0.9.0)
      rouge (>= 1.0.0)
    bigdecimal (3.1.8)
    bindex (0.8.1)
    binding_of_caller (1.0.1)
      debug_inspector (>= 1.2.0)
    bootsnap (1.18.3)
      msgpack (~> 1.2)
    brakeman (6.1.2)
      racc
    builder (3.2.4)
    capistrano (3.18.1)
      airbrussh (>= 1.0.0)
      i18n
      rake (>= 10.0.0)
      sshkit (>= 1.9.0)
    capistrano-bundler (2.1.0)
      capistrano (~> 3.1)
    capistrano-faster-assets (1.1.0)
      capistrano (>= 3.1)
    capistrano-rails (1.6.3)
      capistrano (~> 3.1)
      capistrano-bundler (>= 1.1, < 3)
    capistrano-rake (0.2.0)
      capistrano (>= 3.0)
    capistrano-rbenv (2.2.0)
      capistrano (~> 3.1)
      sshkit (~> 1.3)
    capistrano-slackify (2.10.3)
      capistrano (>= 3.2.0)
      multi_json
    carrierwave (3.0.7)
      activemodel (>= 6.0.0)
      activesupport (>= 6.0.0)
      addressable (~> 2.6)
      image_processing (~> 1.1)
      marcel (~> 1.0.0)
      ssrf_filter (~> 1.0)
    codecov (0.2.12)
      json
      simplecov
    colorize (0.8.1)
    concurrent-ruby (1.2.3)
    connection_pool (2.4.1)
    countries (6.0.1)
      unaccent (~> 0.3)
    country_select (9.0.0)
      countries (> 5.0, < 7.0)
    crass (1.0.6)
    cssbundling-rails (1.4.0)
      railties (>= 6.0.0)
    dalli (3.2.8)
    date (3.3.4)
    debug (1.9.2)
      irb (~> 1.10)
      reline (>= 0.3.8)
    debug_inspector (1.2.0)
    devise (4.9.4)
      bcrypt (~> 3.0)
      orm_adapter (~> 0.1)
      railties (>= 4.1.0)
      responders
      warden (~> 1.2.3)
    diff-lcs (1.5.1)
    docile (1.4.0)
    drb (2.2.1)
    ed25519 (1.3.0)
    erubi (1.12.0)
    factory_bot (6.4.6)
      activesupport (>= 5.0.0)
    factory_bot_rails (6.4.3)
      factory_bot (~> 6.4)
      railties (>= 5.0.0)
    faker (3.3.1)
      i18n (>= 1.8.11, < 2)
    ffi (1.16.3)
    flatpickr (4.6.13.1)
    foreman (0.88.1)
    globalid (1.2.1)
      activesupport (>= 6.1)
    haml (6.3.0)
      temple (>= 0.8.2)
      thor
      tilt
    haml-rails (2.1.0)
      actionpack (>= 5.1)
      activesupport (>= 5.1)
      haml (>= 4.0.6)
      railties (>= 5.1)
    hashie (5.0.0)
    i18n (1.14.5)
      concurrent-ruby (~> 1.0)
    image_processing (1.12.2)
      mini_magick (>= 4.9.5, < 5)
      ruby-vips (>= 2.0.17, < 3)
    io-console (0.7.2)
    irb (1.13.1)
      rdoc (>= 4.0.0)
      reline (>= 0.4.2)
    jbuilder (2.12.0)
      actionview (>= 5.0.0)
      activesupport (>= 5.0.0)
    jsbundling-rails (1.3.0)
      railties (>= 6.0.0)
    json (2.7.2)
    language_server-protocol (3.17.0.3)
    libv8-node (21.7.2.0)
    libv8-node (21.7.2.0-aarch64-linux)
    libv8-node (21.7.2.0-aarch64-linux-musl)
    libv8-node (21.7.2.0-arm64-darwin)
    libv8-node (21.7.2.0-x86_64-darwin)
    libv8-node (21.7.2.0-x86_64-linux)
    libv8-node (21.7.2.0-x86_64-linux-musl)
    lograge (0.14.0)
      actionpack (>= 4)
      activesupport (>= 4)
      railties (>= 4)
      request_store (~> 1.0)
    logstash-event (1.2.02)
    loofah (2.22.0)
      crass (~> 1.0.2)
      nokogiri (>= 1.12.0)
    mail (2.8.1)
      mini_mime (>= 0.1.1)
      net-imap
      net-pop
      net-smtp
    marcel (1.0.4)
    mini_magick (4.12.0)
    mini_mime (1.1.5)
    mini_racer (0.12.0)
      libv8-node (~> 21.7.2.0)
    minitest (5.23.0)
    msgpack (1.7.2)
    multi_json (1.15.0)
    mutex_m (0.2.0)
    net-imap (0.4.11)
      date
      net-protocol
    net-pop (0.1.2)
      net-protocol
    net-protocol (0.2.2)
      timeout
    net-scp (4.0.0)
      net-ssh (>= 2.6.5, < 8.0.0)
    net-sftp (4.0.0)
      net-ssh (>= 5.0.0, < 8.0.0)
    net-smtp (0.5.0)
      net-protocol
    net-ssh (7.2.3)
    net_http_unix (0.2.2)
    newrelic_rpm (9.9.0)
    nio4r (2.7.3)
    nokogiri (1.16.5-aarch64-linux)
      racc (~> 1.4)
    nokogiri (1.16.5-arm-linux)
      racc (~> 1.4)
    nokogiri (1.16.5-arm64-darwin)
      racc (~> 1.4)
    nokogiri (1.16.5-x86-linux)
      racc (~> 1.4)
    nokogiri (1.16.5-x86_64-darwin)
      racc (~> 1.4)
    nokogiri (1.16.5-x86_64-linux)
      racc (~> 1.4)
    orm_adapter (0.5.0)
    parallel (1.24.0)
    paranoia (2.6.3)
      activerecord (>= 5.1, < 7.2)
    parser (3.3.1.0)
      ast (~> 2.4.1)
      racc
    pg (1.5.6)
    propshaft (0.8.0)
      actionpack (>= 7.0.0)
      activesupport (>= 7.0.0)
      rack
      railties (>= 7.0.0)
    protected_attributes_continued (1.9.0)
      activemodel (>= 5.0)
    psych (5.1.2)
      stringio
    public_suffix (5.0.5)
    puma (6.4.2)
      nio4r (~> 2.0)
    puma-status (1.6)
      colorize (~> 0.8)
      net_http_unix (~> 0.2)
      parallel (~> 1)
    racc (1.8.0)
    rack (3.0.11)
    rack-session (2.0.0)
      rack (>= 3.0.0)
    rack-test (2.1.0)
      rack (>= 1.3)
    rackup (2.1.0)
      rack (>= 3)
      webrick (~> 1.8)
    rails (7.1.3.2)
      actioncable (= 7.1.3.2)
      actionmailbox (= 7.1.3.2)
      actionmailer (= 7.1.3.2)
      actionpack (= 7.1.3.2)
      actiontext (= 7.1.3.2)
      actionview (= 7.1.3.2)
      activejob (= 7.1.3.2)
      activemodel (= 7.1.3.2)
      activerecord (= 7.1.3.2)
      activestorage (= 7.1.3.2)
      activesupport (= 7.1.3.2)
      bundler (>= 1.15.0)
      railties (= 7.1.3.2)
    rails-dom-testing (2.2.0)
      activesupport (>= 5.0.0)
      minitest
      nokogiri (>= 1.6)
    rails-html-sanitizer (1.6.0)
      loofah (~> 2.21)
      nokogiri (~> 1.14)
    railties (7.1.3.2)
      actionpack (= 7.1.3.2)
      activesupport (= 7.1.3.2)
      irb
      rackup (>= 1.0.0)
      rake (>= 12.2)
      thor (~> 1.0, >= 1.2.2)
      zeitwerk (~> 2.6)
    rainbow (3.1.1)
    rake (13.2.1)
    rdoc (6.6.3.1)
      psych (>= 4.0.0)
    redis (5.2.0)
      redis-client (>= 0.22.0)
    redis-client (0.22.1)
      connection_pool
    regexp_parser (2.9.2)
    relaxed-rubocop (2.5)
    reline (0.5.7)
      io-console (~> 0.5)
    request_store (1.7.0)
      rack (>= 1.4)
    responders (3.1.1)
      actionpack (>= 5.2)
      railties (>= 5.2)
    rexml (3.2.8)
      strscan (>= 3.0.9)
    rouge (4.2.1)
    rspec (3.13.0)
      rspec-core (~> 3.13.0)
      rspec-expectations (~> 3.13.0)
      rspec-mocks (~> 3.13.0)
    rspec-core (3.13.0)
      rspec-support (~> 3.13.0)
    rspec-expectations (3.13.0)
      diff-lcs (>= 1.2.0, < 2.0)
      rspec-support (~> 3.13.0)
    rspec-its (1.3.0)
      rspec-core (>= 3.0.0)
      rspec-expectations (>= 3.0.0)
    rspec-mocks (3.13.1)
      diff-lcs (>= 1.2.0, < 2.0)
      rspec-support (~> 3.13.0)
    rspec-rails (6.1.2)
      actionpack (>= 6.1)
      activesupport (>= 6.1)
      railties (>= 6.1)
      rspec-core (~> 3.13)
      rspec-expectations (~> 3.13)
      rspec-mocks (~> 3.13)
      rspec-support (~> 3.13)
    rspec-support (3.13.1)
    rubocop (1.63.5)
      json (~> 2.3)
      language_server-protocol (>= 3.17.0)
      parallel (~> 1.10)
      parser (>= 3.3.0.2)
      rainbow (>= 2.2.2, < 4.0)
      regexp_parser (>= 1.8, < 3.0)
      rexml (>= 3.2.5, < 4.0)
      rubocop-ast (>= 1.31.1, < 2.0)
      ruby-progressbar (~> 1.7)
      unicode-display_width (>= 2.4.0, < 3.0)
    rubocop-ast (1.31.3)
      parser (>= 3.3.1.0)
    rubocop-capybara (2.20.0)
      rubocop (~> 1.41)
    rubocop-factory_bot (2.25.1)
      rubocop (~> 1.41)
    rubocop-minitest (0.35.0)
      rubocop (>= 1.61, < 2.0)
      rubocop-ast (>= 1.31.1, < 2.0)
    rubocop-performance (1.21.0)
      rubocop (>= 1.48.1, < 2.0)
      rubocop-ast (>= 1.31.1, < 2.0)
    rubocop-rails (2.25.0)
      activesupport (>= 4.2.0)
      rack (>= 1.1)
      rubocop (>= 1.33.0, < 2.0)
      rubocop-ast (>= 1.31.1, < 2.0)
    rubocop-rails-omakase (1.0.0)
      rubocop
      rubocop-minitest
      rubocop-performance
      rubocop-rails
    rubocop-rake (0.6.0)
      rubocop (~> 1.0)
    rubocop-rspec (2.29.2)
      rubocop (~> 1.40)
      rubocop-capybara (~> 2.17)
      rubocop-factory_bot (~> 2.22)
      rubocop-rspec_rails (~> 2.28)
    rubocop-rspec_rails (2.28.3)
      rubocop (~> 1.40)
    ruby-progressbar (1.13.0)
    ruby-vips (2.2.1)
      ffi (~> 1.12)
    simplecov (0.22.0)
      docile (~> 1.1)
      simplecov-html (~> 0.11)
      simplecov_json_formatter (~> 0.1)
    simplecov-html (0.12.3)
    simplecov_json_formatter (0.1.4)
    sshkit (1.22.2)
      base64
      mutex_m
      net-scp (>= 1.1.2)
      net-sftp (>= 2.1.2)
      net-ssh (>= 2.8.0)
    ssrf_filter (1.1.2)
    stimulus-rails (1.3.3)
      railties (>= 6.0.0)
    stringio (3.1.0)
    stripe (11.5.0)
    strscan (3.1.0)
    temple (0.10.3)
    thor (1.3.1)
    tilt (2.3.0)
    timecop (0.9.8)
    timeout (0.4.1)
    turbo-rails (2.0.5)
      actionpack (>= 6.0.0)
      activejob (>= 6.0.0)
      railties (>= 6.0.0)
    tzinfo (2.0.6)
      concurrent-ruby (~> 1.0)
    unaccent (0.4.0)
    unicode-display_width (2.5.0)
    ventable (1.3.1)
      activesupport (>= 5)
    warden (1.2.9)
      rack (>= 2.0.9)
    web-console (4.2.1)
      actionview (>= 6.0.0)
      activemodel (>= 6.0.0)
      bindex (>= 0.4.0)
      railties (>= 6.0.0)
    webrick (1.8.1)
    websocket-driver (0.7.6)
      websocket-extensions (>= 0.1.0)
    websocket-extensions (0.1.5)
    yard (0.9.36)
    zeitwerk (2.6.14)

PLATFORMS
  aarch64-linux
  aarch64-linux-musl
  arm-linux
  arm64-darwin
  x86-linux
  x86_64-darwin
  x86_64-linux
  x86_64-linux-musl

DEPENDENCIES
  accept_values_for
  annotate
  asciidoctor
  attribute_normalizer
  awesome_print
  bcrypt (~> 3.1.7)
  bcrypt_pbkdf
  better_errors
  binding_of_caller
  bootsnap
  brakeman
  capistrano
  capistrano-faster-assets
  capistrano-rails
  capistrano-rake
  capistrano-rbenv
  capistrano-slackify (~> 2.10)
  carrierwave
  codecov
  colorize
  country_select
  cssbundling-rails
  dalli
  debug
  devise
  ed25519
  factory_bot_rails
  faker
  flatpickr
  foreman
  haml
  haml-rails
  hashie
  jbuilder
  jsbundling-rails
  lograge
  logstash-event
  mini_magick
  mini_racer
  newrelic_rpm
  paranoia (~> 2.6)
  pg
  propshaft
  protected_attributes_continued
  psych
  puma (>= 6)
  puma-status
  rails (= 7.1.3.2)
  rake
  redis (>= 4.0.1)
  relaxed-rubocop
  rspec-its
  rspec-rails
  rubocop
  rubocop-rails
  rubocop-rails-omakase
  rubocop-rake
  rubocop-rspec
  simplecov
  stimulus-rails
  stripe (~> 11.5)
  timecop
  timeout
  turbo-rails
  tzinfo-data
  ventable (>= 1.3)
  web-console
  yard

RUBY VERSION
   ruby 3.2.3p157

BUNDLED WITH
   2.5.6
